GEM
  remote: https://rubygems.org/
  specs:
    ast (2.2.0)
    backports (3.6.7)
    bson (4.0.1)
    bson_ext (1.5.1)
    mongo (2.2.2)
      bson (~> 4.0)
    multi_json (1.11.2)
    parser (2.3.0.2)
      ast (~> 2.2)
    powerpack (0.1.1)
    prometheus-client (0.5.0)
      quantile (~> 0.2.0)
    puma (2.16.0)
    quantile (0.2.0)
    rack (1.6.4)
    rack-protection (1.5.3)
      rack
    rack-test (0.6.3)
      rack (>= 1.0)
    rainbow (2.1.0)
    rubocop (0.37.0)
      parser (>= 2.3.0.2, < 3.0)
      powerpack (~> 0.1)
      rainbow (>= 1.99.1, < 3.0)
      ruby-progressbar (~> 1.7)
      unicode-display_width (~> 0.3)
    ruby-progressbar (1.7.5)
    sinatra (1.4.7)
      rack (~> 1.5)
      rack-protection (~> 1.4)
      tilt (>= 1.3, < 3)
    sinatra-contrib (1.4.6)
      backports (>= 2.0)
      multi_json
      rack-protection
      rack-test
      sinatra (~> 1.4.0)
      tilt (>= 1.3, < 3)
    tilt (2.0.2)
    unicode-display_width (0.3.1)

PLATFORMS
  ruby

DEPENDENCIES
  bson_ext
  mongo (~> 2.0)
  prometheus-client
  puma
  rubocop
  sinatra
  sinatra-contrib

BUNDLED WITH
   1.11.2
